GEM
  remote: http://rubygems.org/
  specs:
    chunky_png (1.2.5)
    coffee-filter (0.1.1)
      coffee-script (>= 2.2.0)
      haml (>= 3.0.18)
    coffee-script (2.2.0)
      coffee-script-source
      execjs
    coffee-script-source (1.2.0)
    compass (0.11.7)
      chunky_png (~> 1.2)
      fssm (>= 0.2.7)
      sass (~> 3.1)
    execjs (1.3.0)
      multi_json (~> 1.0)
    ffi (1.0.11)
    foreman (0.46.0)
      thor (>= 0.13.6)
    fssm (0.2.8.1)
    guard (1.0.0)
      ffi (>= 0.5.0)
      thor (~> 0.14.6)
    guard-coffeescript (0.5.4)
      coffee-script (>= 2.2.0)
      guard (>= 0.8.3)
    guard-haml (0.3.2)
      guard (>= 0.4)
      haml (>= 3.0)
    guard-sass (0.5.4)
      guard (>= 0.4.0)
      sass (>= 3.1)
    haml (3.1.4)
    multi_json (1.0.4)
    rake (0.9.2.2)
    sass (3.1.12)
    thor (0.14.6)

PLATFORMS
  ruby

DEPENDENCIES
  coffee-filter
  compass
  foreman
  guard-coffeescript
  guard-haml
  guard-sass
  haml
  rake
  sass
